PATH
  remote: .
  specs:
    dugway (0.8.3)
      activesupport (~> 3.2.14)
      better_errors (~> 0.9.0)
      bigcartel-currency-locales
      bigcartel-theme-fonts
      bundler (~> 1.1)
      coffee-script (~> 2.2.0)
      compass (~> 0.12.2)
      htmlentities (~> 4.3.1)
      httparty (~> 0.10.0)
      i18n (= 0.6.4)
      liquid (~> 2.4.1)
      rack (~> 1.4.1)
      rack-mount (~> 0.8.3)
      rubyzip (~> 0.9.9)
      sass (~> 3.2.5)
      sprockets (~> 2.0)
      sprockets-sass (~> 0.9.1)
      thin (~> 1.5.0)
      thor (~> 0.17.0)
      uglifier (~> 1.3.0)
      will_paginate (~> 3.0.4)

GEM
  remote: https://rubygems.org/
  specs:
    activesupport (3.2.14)
      i18n (~> 0.6, >= 0.6.4)
      multi_json (~> 1.0)
    addressable (2.3.3)
    better_errors (0.9.0)
      coderay (>= 1.0.0)
      erubis (>= 2.6.6)
    bigcartel-currency-locales (1.3.1)
    bigcartel-theme-fonts (1.0.0)
    capybara (2.0.2)
      mime-types (>= 1.16)
      nokogiri (>= 1.3.3)
      rack (>= 1.0.0)
      rack-test (>= 0.5.4)
      selenium-webdriver (~> 2.0)
      xpath (~> 1.0.0)
    childprocess (0.3.9)
      ffi (~> 1.0, >= 1.0.11)
    chunky_png (1.2.8)
    coderay (1.0.9)
    coffee-script (2.2.0)
      coffee-script-source
      execjs
    coffee-script-source (1.6.3)
    compass (0.12.2)
      chunky_png (~> 1.2)
      fssm (>= 0.2.7)
      sass (~> 3.1)
    crack (0.3.2)
    daemons (1.1.9)
    diff-lcs (1.1.3)
    erubis (2.7.0)
    eventmachine (1.0.3)
    execjs (1.4.0)
      multi_json (~> 1.0)
    ffi (1.4.0)
    fssm (0.2.10)
    hike (1.2.3)
    htmlentities (4.3.1)
    httparty (0.10.2)
      multi_json (~> 1.0)
      multi_xml (>= 0.5.2)
    i18n (0.6.4)
    json_expressions (0.8.2)
    liquid (2.4.1)
    mime-types (1.21)
    multi_json (1.6.1)
    multi_xml (0.5.4)
    nokogiri (1.5.6)
    rack (1.4.5)
    rack-mount (0.8.3)
      rack (>= 1.0.0)
    rack-test (0.6.2)
      rack (>= 1.0)
    rake (10.0.3)
    rspec (2.12.0)
      rspec-core (~> 2.12.0)
      rspec-expectations (~> 2.12.0)
      rspec-mocks (~> 2.12.0)
    rspec-core (2.12.2)
    rspec-expectations (2.12.1)
      diff-lcs (~> 1.1.3)
    rspec-mocks (2.12.2)
    rubyzip (0.9.9)
    sass (3.2.9)
    selenium-webdriver (2.31.0)
      childprocess (>= 0.2.5)
      multi_json (~> 1.0)
      rubyzip
      websocket (~> 1.0.4)
    simplecov (0.7.1)
      multi_json (~> 1.0)
      simplecov-html (~> 0.7.1)
    simplecov-html (0.7.1)
    sprockets (2.10.0)
      hike (~> 1.2)
      multi_json (~> 1.0)
      rack (~> 1.0)
      tilt (~> 1.1, != 1.3.0)
    sprockets-sass (0.9.1)
      sprockets (~> 2.0)
      tilt (~> 1.1)
    thin (1.5.1)
      daemons (>= 1.0.9)
      eventmachine (>= 0.12.6)
      rack (>= 1.0.0)
    thor (0.17.0)
    tilt (1.4.1)
    uglifier (1.3.0)
      execjs (>= 0.3.0)
      multi_json (~> 1.0, >= 1.0.2)
    webmock (1.9.3)
      addressable (>= 2.2.7)
      crack (>= 0.3.2)
    websocket (1.0.7)
    will_paginate (3.0.4)
    xpath (1.0.0)
      nokogiri (~> 1.3)

PLATFORMS
  ruby

DEPENDENCIES
  capybara (~> 2.0.2)
  dugway!
  json_expressions (~> 0.8.2)
  rake (~> 10.0.3)
  rspec (~> 2.12.0)
  simplecov (~> 0.7.1)
  webmock (~> 1.9.3)
